PATH
  remote: .
  specs:
    dopi (0.17.0)
      curses (~> 1)
      dop_common (~> 0.13, >= 0.13.0)
      gli (~> 2)
      logger-colors (~> 1)
      mcollective-client (~> 2)
      parallel (~> 1)
      winrm (~> 1)

GEM
  remote: https://rubygems.org/
  specs:
    builder (3.2.3)
    curses (1.2.1)
    diff-lcs (1.3)
    docile (1.1.5)
    dop_common (0.13.0)
      hashdiff (~> 0.3, >= 0.3.1)
      hiera (~> 3)
      lockfile (~> 2)
      rb-inotify (~> 0.9)
    ffi (1.9.18)
    gli (2.16.0)
    gssapi (1.2.0)
      ffi (>= 1.0.1)
    gyoku (1.3.1)
      builder (>= 2.1.2)
    hashdiff (0.3.2)
    hiera (3.3.1)
    httpclient (2.8.3)
    json (2.0.3)
    little-plugger (1.1.4)
    lockfile (2.1.3)
    logger-colors (1.0.0)
    logging (2.2.0)
      little-plugger (~> 1.1)
      multi_json (~> 1.10)
    mcollective-client (2.10.2)
      json
      stomp
      systemu
    mixlib-shellout (2.2.7)
    multi_json (1.12.1)
    nori (2.6.0)
    parallel (1.11.1)
    rake (12.0.0)
    rb-inotify (0.9.8)
      ffi (>= 0.5.0)
    rspec (3.5.0)
      rspec-core (~> 3.5.0)
      rspec-expectations (~> 3.5.0)
      rspec-mocks (~> 3.5.0)
    rspec-command (1.0.1)
      mixlib-shellout (~> 2.0)
      rspec (~> 3.2)
      rspec-its (~> 1.2)
    rspec-core (3.5.4)
      rspec-support (~> 3.5.0)
    rspec-expectations (3.5.0)
      diff-lcs (>= 1.2.0, < 2.0)
      rspec-support (~> 3.5.0)
    rspec-its (1.2.0)
      rspec-core (>= 3.0.0)
      rspec-expectations (>= 3.0.0)
    rspec-mocks (3.5.0)
      diff-lcs (>= 1.2.0, < 2.0)
      rspec-support (~> 3.5.0)
    rspec-support (3.5.0)
    rubyntlm (0.6.1)
    simplecov (0.14.1)
      docile (~> 1.1.0)
      json (>= 1.8, < 3)
      simplecov-html (~> 0.10.0)
    simplecov-html (0.10.0)
    stomp (1.4.3)
    systemu (2.6.5)
    winrm (1.8.1)
      builder (>= 2.1.2)
      gssapi (~> 1.2)
      gyoku (~> 1.0)
      httpclient (~> 2.2, >= 2.2.0.2)
      logging (>= 1.6.1, < 3.0)
      nori (~> 2.0)
      rubyntlm (~> 0.6.0)

PLATFORMS
  ruby

DEPENDENCIES
  bundler (~> 1.3)
  dopi!
  rake
  rspec
  rspec-command
  rspec-mocks
  simplecov

BUNDLED WITH
   1.14.3
